GIT
  remote: https://github.com/vwall/compass-twitter-bootstrap.git
  revision: 1a7b5ce54efaf764eb317127521f7630964a3da7
  specs:
    compass_twitter_bootstrap (2.0.1.2)
      compass

GEM
  remote: http://rubygems.org/
  specs:
    chunky_png (1.2.5)
    compass (0.12.1)
      chunky_png (~> 1.2)
      fssm (>= 0.2.7)
      sass (~> 3.1)
    fssm (0.2.8.1)
    sass (3.1.15)

PLATFORMS
  ruby

DEPENDENCIES
  compass (= 0.12.1)
  compass_twitter_bootstrap!
  sass (= 3.1.15)
